GEM
  remote: https://rubygems.org/
  specs:
    colorize (0.8.1)
    diff-lcs (1.5.0)
    rbtree (0.4.5)
    rspec (3.11.0)
      rspec-core (~> 3.11.0)
      rspec-expectations (~> 3.11.0)
      rspec-mocks (~> 3.11.0)
    rspec-core (3.11.0)
      rspec-support (~> 3.11.0)
    rspec-expectations (3.11.1)
      diff-lcs (>= 1.2.0, < 2.0)
      rspec-support (~> 3.11.0)
    rspec-mocks (3.11.1)
      diff-lcs (>= 1.2.0, < 2.0)
      rspec-support (~> 3.11.0)
    rspec-support (3.11.1)
    set (1.0.1)
    sorted_set (1.0.3)
      rbtree
      set (~> 1.0)

PLATFORMS
  x64-mingw-ucrt
  x64-mingw32

DEPENDENCIES
  colorize
  rspec
  sorted_set (~> 1.0, >= 1.0.3)

BUNDLED WITH
   2.3.22
